GIT
  remote: git://github.com/alexch/rerun.git
  revision: dfe1532982e880c391629f9877b699fe06991762
  specs:
    rerun (0.13.1)
      listen (~> 3.0)

GEM
  remote: https://rubygems.org/
  specs:
    bcrypt (3.1.12)
    concurrent-ruby (1.1.5)
    ffi (1.10.0)
    i18n (1.6.0)
      concurrent-ruby (~> 1.0)
    listen (3.1.5)
      rb-fsevent (~> 0.9, >= 0.9.4)
      rb-inotify (~> 0.9, >= 0.9.7)
      ruby_dep (~> 1.2)
    mustermann (1.0.3)
    pg (1.1.4)
    rack (2.0.7)
    rack-protection (2.0.5)
      rack
    rb-fsevent (0.10.3)
    rb-inotify (0.10.0)
      ffi (~> 1.0)
    ruby_dep (1.5.0)
    sequel (5.19.0)
    sinatra (2.0.5)
      mustermann (~> 1.0)
      rack (~> 2.0)
      rack-protection (= 2.0.5)
      tilt (~> 2.0)
    slim (4.0.1)
      temple (>= 0.7.6, < 0.9)
      tilt (>= 2.0.6, < 2.1)
    temple (0.8.1)
    tilt (2.0.9)

PLATFORMS
  ruby

DEPENDENCIES
  bcrypt
  i18n
  pg
  rerun!
  sequel
  sinatra
  slim

BUNDLED WITH
   2.0.1
